##TITLE= Parameter file, TopSpin 3.6.2
##JCAMPDX= 5.0
##DATATYPE= Parameter Values
##NPOINTS= 1	$$ modification sequence number
##ORIGIN= Bruker BioSpin GmbH
##OWNER= nmrsu
$$ 2020-09-02 00:40:57.501 +0800  nmrsu@IVDr01
$$ C:/Bruker/TopSpin3.6.2/Raspberry_Fol1R1_KB_01092020_TP1/98888/acqum
$$ process C:\Bruker\TopSpin3.6.2\prog\au\bin\saveprofpars.exe
##$COMMENT= <>
##$ECF= 1
##$ECHOLST= (0..15)
1 1 1 1 1 1 1 1 1 1 1 1 1 1 1 1
##$ECOLLST= (0..15)
1 1 1 1 1 1 1 1 1 1 1 1 1 1 1 1
##$FLIPA= 0
##$FOV1= 0
##$FOV2= 0
##$FOV3= 0
##$FRARE= 1
##$HEADER= <>
##$INSTIT= <>
##$METHOD= <>
##$NECHOES= 1
##$NPROJEC= 32
##$NSLICES= 32
##$PATPOS= 0
##$RUNEXAM= -1
##$SDIST= 1
##$SOANGLE= 0
##$SORIENT= 0
##$SOT= <>
##$SPOS= 0
##$SPOSDIR= <>
##$STHICK= 3
##$T2DIST= 30
##$TINV= 50
##$TREC= 2700
##$TREP= 3000
##$TSCAN= 50000
##END=
